GEM
  remote: https://rubygems.org/
  specs:
    byebug (8.1.0)
    mail (2.6.3)
      mime-types (>= 1.16, < 3)
    mime-types (2.6.2)
    mini_portile (0.6.2)
    nokogiri (1.6.6.2)
      mini_portile (~> 0.6.0)
    pdfkit (0.8.2)
    slim (3.0.6)
      temple (~> 0.7.3)
      tilt (>= 1.3.3, < 2.1)
    temple (0.7.6)
    tilt (2.0.1)

PLATFORMS
  ruby

DEPENDENCIES
  byebug
  mail
  nokogiri
  pdfkit
  slim

BUNDLED WITH
   1.10.6
