GIT
  remote: https://github.com/bronson/wkhtmltopdf-heroku
  revision: 3d1bb07678b63821893352a314f3c5e1f4b808e5
  specs:
    wkhtmltopdf-heroku (1.0.0)

GEM
  remote: https://rubygems.org/
  specs:
    byebug (3.5.1)
      columnize (~> 0.8)
      debugger-linecache (~> 1.2)
      slop (~> 3.6)
    celluloid (0.16.0)
      timers (~> 4.0.0)
    coderay (1.1.0)
    columnize (0.8.9)
    debugger-linecache (1.2.0)
    ffi (1.9.6)
    formatador (0.2.5)
    guard (2.8.2)
      formatador (>= 0.2.4)
      listen (~> 2.7)
      lumberjack (~> 1.0)
      pry (>= 0.9.12)
      thor (>= 0.18.1)
    guard-bundler (2.0.0)
      bundler (~> 1.0)
      guard (~> 2.2)
    guard-shell (0.7.0)
      guard (>= 2.0.0)
    hitimes (1.2.2)
    listen (2.7.11)
      celluloid (>= 0.15.2)
      rb-fsevent (>= 0.9.3)
      rb-inotify (>= 0.9)
    lumberjack (1.0.9)
    method_source (0.8.2)
    pdfkit (0.6.2)
    pry (0.10.1)
      coderay (~> 1.1.0)
      method_source (~> 0.8.1)
      slop (~> 3.4)
    rb-fsevent (0.9.4)
    rb-inotify (0.9.5)
      ffi (>= 0.5.0)
    slim (2.0.3)
      temple (~> 0.6.6)
      tilt (>= 1.3.3, < 2.1)
    slop (3.6.0)
    temple (0.6.8)
    thor (0.19.1)
    tilt (2.0.1)
    timers (4.0.1)
      hitimes

PLATFORMS
  ruby

DEPENDENCIES
  byebug
  guard-bundler
  guard-shell
  pdfkit
  slim
  wkhtmltopdf-heroku!
