GIT
  remote: https://github.com/Thinkei/wkhtmltopdf-heroku
  revision: f670e90c78b8e58c4133f6183686ca7dfacf10c3
  specs:
    wkhtmltopdf-heroku (1.0.0)

GEM
  remote: https://rubygems.org/
  specs:
    pdfkit (0.6.2)
    slim (2.0.3)
      temple (~> 0.6.6)
      tilt (>= 1.3.3, < 2.1)
    temple (0.6.8)
    tilt (2.0.1)

PLATFORMS
  ruby

DEPENDENCIES
  pdfkit
  slim
  wkhtmltopdf-heroku!
